GEM
  remote: https://rubygems.org/
  specs:
    activemodel (3.2.13)
      activesupport (= 3.2.13)
      builder (~> 3.0.0)
    activesupport (3.2.13)
      i18n (= 0.6.1)
      multi_json (~> 1.0)
    bson (1.9.0)
    bson_ext (1.9.0)
      bson (~> 1.9.0)
    builder (3.0.4)
    i18n (0.6.1)
    mongo (1.9.0)
      bson (~> 1.9.0)
    mongo_mapper (0.12.0)
      activemodel (~> 3.0)
      activesupport (~> 3.0)
      plucky (~> 0.5.2)
    mongoid (3.1.4)
      activemodel (~> 3.2)
      moped (~> 1.4)
      origin (~> 1.0)
      tzinfo (~> 0.3.22)
    moped (1.5.0)
    multi_json (1.7.7)
    origin (1.1.0)
    plucky (0.5.2)
      mongo (~> 1.5)
    ruby-prof (0.13.0)
    tzinfo (0.3.37)

PLATFORMS
  ruby

DEPENDENCIES
  bson_ext
  mongo
  mongo_mapper
  mongoid
  ruby-prof
